GEM
  remote: https://rubygems.org/
  specs:
    racc (1.4.11)
    thor (0.19.1)

PLATFORMS
  ruby

DEPENDENCIES
  racc
  thor
